GEM
  remote: https://rubygems.org/
  specs:
    actionmailer (3.2.8)
      actionpack (= 3.2.8)
      mail (~> 2.4.4)
    actionpack (3.2.8)
      activemodel (= 3.2.8)
      activesupport (= 3.2.8)
      builder (~> 3.0.0)
      erubis (~> 2.7.0)
      journey (~> 1.0.4)
      rack (~> 1.4.0)
      rack-cache (~> 1.2)
      rack-test (~> 0.6.1)
      sprockets (~> 2.1.3)
    activemodel (3.2.8)
      activesupport (= 3.2.8)
      builder (~> 3.0.0)
    activerecord (3.2.8)
      activemodel (= 3.2.8)
      activesupport (= 3.2.8)
      arel (~> 3.0.2)
      tzinfo (~> 0.3.29)
    activeresource (3.2.8)
      activemodel (= 3.2.8)
      activesupport (= 3.2.8)
    activesupport (3.2.8)
      i18n (~> 0.6)
      multi_json (~> 1.0)
    adhearsion (2.1.3)
      activesupport (~> 3.0)
      adhearsion-loquacious (~> 1.9)
      bundler (~> 1.0)
      celluloid (~> 0.12, >= 0.12.1)
      countdownlatch
      deep_merge
      ffi (~> 1.0)
      future-resource (~> 1.0)
      girl_friday
      has-guarded-handlers (~> 1.1)
      logging (~> 1.8)
      pry
      punchblock (~> 1.4)
      rake
      ruby_speech (~> 1.0)
      thor
    adhearsion-asterisk (1.3.0)
      activesupport (>= 3.0.10)
      adhearsion (~> 2.0)
    adhearsion-loquacious (1.9.3)
    annotate (2.4.1.beta1)
    arel (3.0.2)
    blather (0.8.1)
      activesupport (>= 2.3.11)
      eventmachine (>= 0.12.6)
      girl_friday
      niceogiri (~> 1.0)
      nokogiri (~> 1.5.5)
    bootstrap-sass (2.1.0.1)
    builder (3.0.4)
    celluloid (0.12.2)
      facter (>= 1.6.12)
      timers (>= 1.0.0)
    celluloid-io (0.12.0)
      celluloid (~> 0.12.0)
      nio4r (>= 0.4.0)
    coderay (1.0.8)
    coffee-rails (3.2.2)
      coffee-script (>= 2.2.0)
      railties (~> 3.2.0)
    coffee-script (2.2.0)
      coffee-script-source
      execjs
    coffee-script-source (1.3.3)
    connection_pool (0.9.2)
    countdownlatch (1.0.0)
    deep_merge (1.0.0)
    easy_roles (1.2.0)
    erubis (2.7.0)
    eventmachine (1.0.0)
    execjs (1.4.0)
      multi_json (~> 1.0)
    facter (1.6.13)
    ffi (1.1.5)
    future-resource (1.0.0)
    girl_friday (0.10.0)
      connection_pool (~> 0.9.0)
    has-guarded-handlers (1.3.1)
    has_scope (0.5.1)
    hike (1.2.1)
    i18n (0.6.1)
    inherited_resources (1.3.1)
      has_scope (~> 0.5.0)
      responders (~> 0.6)
    journey (1.0.4)
    jquery-rails (2.1.3)
      railties (>= 3.1.0, < 5.0)
      thor (~> 0.14)
    json (1.7.5)
    little-plugger (1.1.3)
    logging (1.8.0)
      little-plugger (>= 1.1.3)
      multi_json (>= 1.3.6)
    mail (2.4.4)
      i18n (>= 0.4.0)
      mime-types (~> 1.16)
      treetop (~> 1.4.8)
    metaclass (0.0.1)
    method_source (0.8.1)
    mime-types (1.19)
    mocha (0.12.7)
      metaclass (~> 0.0.1)
    multi_json (1.3.6)
    mysql (2.8.1)
    niceogiri (1.0.2)
      nokogiri (~> 1.4)
    nifty-generators (0.4.6)
    nio4r (0.4.0)
    nokogiri (1.5.5)
    polyglot (0.3.3)
    pry (0.9.10)
      coderay (~> 1.0.5)
      method_source (~> 0.8)
      slop (~> 3.3.1)
    punchblock (1.5.1)
      activesupport (~> 3.0)
      blather (>= 0.7.0)
      celluloid (~> 0.12, >= 0.12.1)
      future-resource (~> 1.0)
      has-guarded-handlers (~> 1.3)
      niceogiri (~> 1.0)
      ruby_ami (~> 1.2, >= 1.2.1)
      ruby_fs (~> 1.0)
      ruby_speech (~> 1.0)
      state_machine (~> 1.0)
    rack (1.4.1)
    rack-cache (1.2)
      rack (>= 0.4)
    rack-ssl (1.3.2)
      rack
    rack-test (0.6.2)
      rack (>= 1.0)
    rails (3.2.8)
      actionmailer (= 3.2.8)
      actionpack (= 3.2.8)
      activerecord (= 3.2.8)
      activeresource (= 3.2.8)
      activesupport (= 3.2.8)
      bundler (~> 1.0)
      railties (= 3.2.8)
    railties (3.2.8)
      actionpack (= 3.2.8)
      activesupport (= 3.2.8)
      rack-ssl (~> 1.3.2)
      rake (>= 0.8.7)
      rdoc (~> 3.4)
      thor (>= 0.14.6, < 2.0)
    rake (0.9.2.2)
    rdoc (3.12)
      json (~> 1.4)
    responders (0.9.3)
      railties (~> 3.1)
    ruby_ami (1.2.4)
      celluloid-io (~> 0.12.0)
      countdownlatch (~> 1.0)
      future-resource
      girl_friday
    ruby_fs (1.0.1)
      celluloid-io (~> 0.12.0)
      json
    ruby_speech (1.0.0)
      activesupport (>= 3.0.7)
      niceogiri (~> 1.0)
    sass (3.2.1)
    sass-rails (3.2.5)
      railties (~> 3.2.0)
      sass (>= 3.1.10)
      tilt (~> 1.3)
    slim (1.3.3)
      temple (~> 0.5.5)
      tilt (~> 1.3.3)
    slim-rails (1.0.3)
      actionpack (~> 3.0)
      activesupport (~> 3.0)
      railties (~> 3.0)
      slim (~> 1.0)
    slop (3.3.3)
    sprockets (2.1.3)
      hike (~> 1.2)
      rack (~> 1.0)
      tilt (~> 1.1, != 1.3.0)
    sqlite3 (1.3.6)
    state_machine (1.1.2)
    temple (0.5.5)
    thor (0.16.0)
    tilt (1.3.3)
    timers (1.0.1)
    treetop (1.4.11)
      polyglot
      polyglot (>= 0.3.1)
    tzinfo (0.3.33)
    uglifier (1.3.0)
      execjs (>= 0.3.0)
      multi_json (~> 1.0, >= 1.0.2)

PLATFORMS
  ruby

DEPENDENCIES
  adhearsion (~> 2.1.1)
  adhearsion-asterisk
  annotate (~> 2.4.1.beta)
  bootstrap-sass
  coffee-rails (~> 3.2.1)
  easy_roles
  inherited_resources
  jquery-rails
  mocha
  mysql
  nifty-generators
  punchblock (>= 1.4.1)
  rails (= 3.2.8)
  sass-rails (~> 3.2.3)
  slim-rails
  sqlite3
  uglifier (>= 1.0.3)
