GEM
  remote: https://rubygems.org/
  specs:
    actionmailer (3.2.9)
      actionpack (= 3.2.9)
      mail (~> 2.4.4)
    actionpack (3.2.9)
      activemodel (= 3.2.9)
      activesupport (= 3.2.9)
      builder (~> 3.0.0)
      erubis (~> 2.7.0)
      journey (~> 1.0.4)
      rack (~> 1.4.0)
      rack-cache (~> 1.2)
      rack-test (~> 0.6.1)
      sprockets (~> 2.2.1)
    activemodel (3.2.9)
      activesupport (= 3.2.9)
      builder (~> 3.0.0)
    activerecord (3.2.9)
      activemodel (= 3.2.9)
      activesupport (= 3.2.9)
      arel (~> 3.0.2)
      tzinfo (~> 0.3.29)
    activerecord-jdbc-adapter (1.2.2.1)
    activerecord-jdbcmysql-adapter (1.2.2.1)
      activerecord-jdbc-adapter (~> 1.2.2.1)
      jdbc-mysql (~> 5.1.0)
    activerecord-jdbcpostgresql-adapter (1.2.2.1)
      activerecord-jdbc-adapter (~> 1.2.2.1)
      jdbc-postgres (>= 9.0, < 9.2)
    activeresource (3.2.9)
      activemodel (= 3.2.9)
      activesupport (= 3.2.9)
    activesupport (3.2.9)
      i18n (~> 0.6)
      multi_json (~> 1.0)
    adhearsion (2.1.3)
      activesupport (~> 3.0)
      adhearsion-loquacious (~> 1.9)
      bundler (~> 1.0)
      celluloid (~> 0.12, >= 0.12.1)
      countdownlatch
      deep_merge
      ffi (~> 1.0)
      future-resource (~> 1.0)
      girl_friday
      has-guarded-handlers (~> 1.1)
      logging (~> 1.8)
      pry
      punchblock (~> 1.4)
      rake
      ruby_speech (~> 1.0)
      thor
    adhearsion-asterisk (1.3.0)
      activesupport (>= 3.0.10)
      adhearsion (~> 2.0)
    adhearsion-loquacious (1.9.3)
    annotate (2.4.1.beta1)
    arel (3.0.2)
    blather (0.8.1)
      activesupport (>= 2.3.11)
      eventmachine (>= 0.12.6)
      girl_friday
      niceogiri (~> 1.0)
      nokogiri (~> 1.5.5)
    bootstrap-sass (2.2.1.1)
      sass (~> 3.2)
    bootstrap-will_paginate (0.0.9)
      will_paginate
    builder (3.0.4)
    celluloid (0.12.3)
      facter (>= 1.6.12)
      timers (>= 1.0.0)
    celluloid-io (0.12.0)
      celluloid (~> 0.12.0)
      nio4r (>= 0.4.0)
    coderay (1.0.8)
    coffee-rails (3.2.2)
      coffee-script (>= 2.2.0)
      railties (~> 3.2.0)
    coffee-script (2.2.0)
      coffee-script-source
      execjs
    coffee-script-source (1.4.0)
    connection_pool (0.9.2)
    countdownlatch (1.0.0)
    deep_merge (1.0.0)
    easy_roles (1.2.0)
    erubis (2.7.0)
    eventmachine (1.0.0)
    eventmachine (1.0.0-java)
    execjs (1.4.0)
      multi_json (~> 1.0)
    facter (1.6.16)
    ffi (1.2.0)
    ffi (1.2.0-java)
    future-resource (1.0.0)
    girl_friday (0.11.1)
      connection_pool (~> 0.9.0)
      rubinius-actor
    has-guarded-handlers (1.5.0)
    has_scope (0.5.1)
    hike (1.2.1)
    i18n (0.6.1)
    inherited_resources (1.3.1)
      has_scope (~> 0.5.0)
      responders (~> 0.6)
    jdbc-mysql (5.1.13)
    jdbc-postgres (9.1.901)
    journey (1.0.4)
    jquery-rails (2.1.4)
      railties (>= 3.0, < 5.0)
      thor (>= 0.14, < 2.0)
    json (1.7.5)
    json (1.7.5-java)
    little-plugger (1.1.3)
    logging (1.8.0)
      little-plugger (>= 1.1.3)
      multi_json (>= 1.3.6)
    mail (2.4.4)
      i18n (>= 0.4.0)
      mime-types (~> 1.16)
      treetop (~> 1.4.8)
    method_source (0.8.1)
    mime-types (1.19)
    multi_json (1.5.0)
    mysql2 (0.3.11)
    niceogiri (1.1.1)
      nokogiri (~> 1.5)
    nifty-generators (0.4.6)
    nio4r (0.4.3)
    nio4r (0.4.3-java)
    nokogiri (1.5.5)
    nokogiri (1.5.5-java)
    pg (0.14.1)
    polyglot (0.3.3)
    pry (0.9.10)
      coderay (~> 1.0.5)
      method_source (~> 0.8)
      slop (~> 3.3.1)
    pry (0.9.10-java)
      coderay (~> 1.0.5)
      method_source (~> 0.8)
      slop (~> 3.3.1)
      spoon (~> 0.0)
    punchblock (1.6.1)
      activesupport (~> 3.0)
      blather (>= 0.7.0)
      celluloid (~> 0.12, >= 0.12.3)
      future-resource (~> 1.0)
      has-guarded-handlers (~> 1.3)
      niceogiri (~> 1.1)
      ruby_ami (~> 1.2, >= 1.2.1)
      ruby_fs (~> 1.0)
      ruby_speech (~> 1.0)
      state_machine (~> 1.0)
    rack (1.4.1)
    rack-cache (1.2)
      rack (>= 0.4)
    rack-ssl (1.3.2)
      rack
    rack-test (0.6.2)
      rack (>= 1.0)
    rails (3.2.9)
      actionmailer (= 3.2.9)
      actionpack (= 3.2.9)
      activerecord (= 3.2.9)
      activeresource (= 3.2.9)
      activesupport (= 3.2.9)
      bundler (~> 1.0)
      railties (= 3.2.9)
    rails_refactor (1.2)
    railties (3.2.9)
      actionpack (= 3.2.9)
      activesupport (= 3.2.9)
      rack-ssl (~> 1.3.2)
      rake (>= 0.8.7)
      rdoc (~> 3.4)
      thor (>= 0.14.6, < 2.0)
    rake (10.0.2)
    rdoc (3.12)
      json (~> 1.4)
    responders (0.9.3)
      railties (~> 3.1)
    rubinius-actor (0.0.2)
      rubinius-core-api
    rubinius-core-api (0.0.1)
    rubinius-core-api (0.0.1-java)
    ruby_ami (1.2.5)
      celluloid-io (~> 0.12.0)
      countdownlatch (~> 1.0)
      future-resource
      girl_friday
    ruby_fs (1.0.2)
      celluloid-io (~> 0.12.0)
      json
    ruby_speech (1.0.1)
      activesupport (>= 3.0.7)
      niceogiri (~> 1.0)
    sass (3.2.3)
    sass-rails (3.2.5)
      railties (~> 3.2.0)
      sass (>= 3.1.10)
      tilt (~> 1.3)
    slim (1.3.4)
      temple (~> 0.5.5)
      tilt (~> 1.3.3)
    slim-rails (1.0.3)
      actionpack (~> 3.0)
      activesupport (~> 3.0)
      railties (~> 3.0)
      slim (~> 1.0)
    slop (3.3.3)
    spoon (0.0.1)
    sprockets (2.2.2)
      hike (~> 1.2)
      multi_json (~> 1.0)
      rack (~> 1.0)
      tilt (~> 1.1, != 1.3.0)
    state_machine (1.1.2)
    temple (0.5.5)
    thor (0.16.0)
    tilt (1.3.3)
    time_diff (0.3.0)
      activesupport
      i18n
    timers (1.0.1)
    treetop (1.4.12)
      polyglot
      polyglot (>= 0.3.1)
    tzinfo (0.3.35)
    uglifier (1.3.0)
      execjs (>= 0.3.0)
      multi_json (~> 1.0, >= 1.0.2)
    will_paginate (3.0.3)

PLATFORMS
  java
  ruby

DEPENDENCIES
  activerecord-jdbcmysql-adapter
  activerecord-jdbcpostgresql-adapter
  adhearsion (~> 2.1.3)
  adhearsion-asterisk
  annotate (~> 2.4.1.beta)
  bootstrap-sass
  bootstrap-will_paginate
  coffee-rails (~> 3.2.1)
  easy_roles
  ffi
  inherited_resources
  jquery-rails
  mysql2
  nifty-generators
  pg
  punchblock (>= 1.4.1)
  rails (= 3.2.9)
  rails_refactor
  sass-rails (~> 3.2.3)
  slim-rails
  time_diff
  uglifier (>= 1.0.3)
  will_paginate (= 3.0.3)
